GEM
  remote: https://rubygems.org/
  specs:
    activemodel (6.0.5)
      activesupport (= 6.0.5)
    activerecord (6.0.5)
      activemodel (= 6.0.5)
      activesupport (= 6.0.5)
    activesupport (6.0.5)
      concurrent-ruby (~> 1.0, >= 1.0.2)
      i18n (>= 0.7, < 2)
      minitest (~> 5.1)
      tzinfo (~> 1.1)
      zeitwerk (~> 2.2, >= 2.2.2)
    addressable (2.8.0)
      public_suffix (>= 2.0.2, < 5.0)
    aw (0.2.0)
    awesome_print (1.9.2)
    axiom-types (0.1.1)
      descendants_tracker (~> 0.0.4)
      ice_nine (~> 0.11.0)
      thread_safe (~> 0.3, >= 0.3.1)
    byebug (11.1.3)
    climate_control (0.2.0)
    coercible (1.0.0)
      descendants_tracker (~> 0.0.1)
    concurrent-ruby (1.1.10)
    descendants_tracker (0.0.4)
      thread_safe (~> 0.3, >= 0.3.1)
    domain_name (0.5.20190701)
      unf (>= 0.0.5, < 1.0.0)
    dotenv (2.7.6)
    down (5.3.1)
      addressable (~> 2.8)
    dry-inflector (0.2.1)
    faraday (1.10.0)
      faraday-em_http (~> 1.0)
      faraday-em_synchrony (~> 1.0)
      faraday-excon (~> 1.1)
      faraday-httpclient (~> 1.0)
      faraday-multipart (~> 1.0)
      faraday-net_http (~> 1.0)
      faraday-net_http_persistent (~> 1.0)
      faraday-patron (~> 1.0)
      faraday-rack (~> 1.0)
      faraday-retry (~> 1.0)
      ruby2_keywords (>= 0.0.4)
    faraday-em_http (1.0.0)
    faraday-em_synchrony (1.0.0)
    faraday-excon (1.1.0)
    faraday-httpclient (1.0.1)
    faraday-multipart (1.0.4)
      multipart-post (~> 2)
    faraday-net_http (1.0.1)
    faraday-net_http_persistent (1.2.0)
    faraday-patron (1.0.0)
    faraday-rack (1.0.0)
    faraday-retry (1.0.3)
    faraday_middleware (1.2.0)
      faraday (~> 1.0)
    fastimage (2.2.6)
    fileutils (1.6.0)
    forecast_io (2.0.2)
      faraday
      hashie
      multi_json
    hashie (5.0.0)
    http (2.2.2)
      addressable (~> 2.3)
      http-cookie (~> 1.0)
      http-form_data (~> 1.0.1)
      http_parser.rb (~> 0.6.0)
    http-cookie (1.0.5)
      domain_name (~> 0.5)
    http-form_data (1.0.3)
    http_parser.rb (0.6.0)
    i18n (1.10.0)
      concurrent-ruby (~> 1.0)
    ice_nine (0.11.2)
    minitest (5.15.0)
    multi_json (1.15.0)
    multipart-post (2.2.3)
    pg (1.3.5)
    public_suffix (4.0.7)
    redd (0.8.8)
      http (~> 2.2)
    rmagick (4.2.5)
    ruby2_keywords (0.0.5)
    streamio-ffmpeg (3.0.2)
      multi_json (~> 1.8)
    telegram-bot-ruby (0.19.2)
      dry-inflector
      faraday (~> 1.0)
      virtus (~> 2.0)
    terrapin (0.6.0)
      climate_control (>= 0.0.3, < 1.0)
    thread_safe (0.3.6)
    timezone (1.3.16)
    tzinfo (1.2.9)
      thread_safe (~> 0.1)
    unf (0.1.4)
      unf_ext
    unf_ext (0.0.8.2)
    virtus (2.0.0)
      axiom-types (~> 0.1)
      coercible (~> 1.0)
      descendants_tracker (~> 0.0, >= 0.0.3)
    zeitwerk (2.6.0)

PLATFORMS
  x86_64-linux

DEPENDENCIES
  activerecord (~> 6.0.2)
  activesupport (~> 6.0.2)
  aw
  awesome_print
  byebug
  concurrent-ruby
  dotenv (~> 2.5)
  down
  faraday
  faraday_middleware
  fastimage
  fileutils
  forecast_io
  pg (>= 0.19.0.beta)
  redd (~> 0.8.8)
  rmagick
  streamio-ffmpeg
  telegram-bot-ruby (~> 0.19.2)
  terrapin (~> 0.6.0)
  timezone (~> 1.0)

RUBY VERSION
   ruby 3.1.0p0

BUNDLED WITH
   2.3.15
