GIT
  remote: https://github.com/adsteel/redd
  revision: 93f0eb2284a52162e2ddc5e1e91b0c8f7e329629
  specs:
    redd (0.9.0.pre.3)
      http (~> 2.2)
      lazy_lazer (~> 0.8.1)

GEM
  remote: https://rubygems.org/
  specs:
    activemodel (7.0.8.1)
      activesupport (= 7.0.8.1)
    activerecord (7.0.8.1)
      activemodel (= 7.0.8.1)
      activesupport (= 7.0.8.1)
    activesupport (7.0.8.1)
      concurrent-ruby (~> 1.0, >= 1.0.2)
      i18n (>= 1.6, < 2)
      minitest (>= 5.1)
      tzinfo (~> 2.0)
    addressable (2.8.6)
      public_suffix (>= 2.0.2, < 6.0)
    aw (0.2.0)
    awesome_print (1.9.2)
    axiom-types (0.1.1)
      descendants_tracker (~> 0.0.4)
      ice_nine (~> 0.11.0)
      thread_safe (~> 0.3, >= 0.3.1)
    byebug (11.1.3)
    climate_control (0.2.0)
    coercible (1.0.0)
      descendants_tracker (~> 0.0.1)
    concurrent-ruby (1.2.3)
    descendants_tracker (0.0.4)
      thread_safe (~> 0.3, >= 0.3.1)
    domain_name (0.6.20240107)
    dotenv (2.8.1)
    down (5.4.1)
      addressable (~> 2.8)
    dry-inflector (1.0.0)
    faraday (2.9.0)
      faraday-net_http (>= 2.0, < 3.2)
    faraday-multipart (1.0.4)
      multipart-post (~> 2)
    faraday-net_http (3.1.0)
      net-http
    fastimage (2.3.0)
    fileutils (1.7.2)
    forecast_io (2.0.2)
      faraday
      hashie
      multi_json
    hashie (5.0.0)
    http (2.2.2)
      addressable (~> 2.3)
      http-cookie (~> 1.0)
      http-form_data (~> 1.0.1)
      http_parser.rb (~> 0.6.0)
    http-cookie (1.0.5)
      domain_name (~> 0.5)
    http-form_data (1.0.3)
    http_parser.rb (0.6.0)
    i18n (1.14.1)
      concurrent-ruby (~> 1.0)
    ice_nine (0.11.2)
    lazy_lazer (0.8.1)
    mime-types (3.5.2)
      mime-types-data (~> 3.2015)
    mime-types-data (3.2024.0206)
    minitest (5.22.2)
    multi_json (1.15.0)
    multipart-post (2.4.0)
    net-http (0.4.1)
      uri
    nokogiri (1.16.2-x86_64-linux)
      racc (~> 1.4)
    observer (0.1.2)
    pg (1.5.5)
    pkg-config (1.5.6)
    public_suffix (5.0.4)
    racc (1.7.3)
    rmagick (5.4.4)
      observer (~> 0.1)
      pkg-config (~> 1.4)
    streamio-ffmpeg (3.0.2)
      multi_json (~> 1.8)
    telegram-bot-ruby (0.23.0)
      dry-inflector
      faraday (~> 2.0)
      faraday-multipart (~> 1.0)
      virtus (~> 2.0)
    terrapin (0.6.0)
      climate_control (>= 0.0.3, < 1.0)
    thread_safe (0.3.6)
    timezone (1.3.25)
    tzinfo (2.0.6)
      concurrent-ruby (~> 1.0)
    uri (0.13.0)
    virtus (2.0.0)
      axiom-types (~> 0.1)
      coercible (~> 1.0)
      descendants_tracker (~> 0.0, >= 0.0.3)

PLATFORMS
  x86_64-linux

DEPENDENCIES
  activerecord (~> 7.0.3)
  activesupport (~> 7.0.4)
  aw
  awesome_print
  byebug
  concurrent-ruby
  dotenv (~> 2.5)
  down
  faraday (~> 2.0)
  fastimage
  fileutils
  forecast_io
  mime-types (~> 3.4)
  nokogiri (~> 1.16)
  pg (>= 0.19.0.beta)
  redd!
  rmagick
  streamio-ffmpeg
  telegram-bot-ruby (~> 0.20)
  terrapin (~> 0.6.0)
  timezone (~> 1.0)

RUBY VERSION
   ruby 3.1.0p0

BUNDLED WITH
   2.3.15
